GEM
  remote: https://rubygems.org/
  specs:
    amq-protocol (2.0.1)
    ast (2.2.0)
    backports (3.6.8)
    bunny (1.6.3)
      amq-protocol (>= 1.9.2)
    diff-lcs (1.2.5)
    effin_utf8 (1.0)
    erubis (2.7.0)
    faraday (0.9.2)
      multipart-post (>= 1.2, < 3)
    faraday_middleware (0.9.2)
      faraday (>= 0.7.4, < 0.10)
    hashie (3.4.3)
    mqtt (0.1.0)
    multi_json (1.11.2)
    multipart-post (2.0.0)
    parser (2.3.0.7)
      ast (~> 2.2)
    powerpack (0.1.1)
    puma (3.4.0)
    rabbitmq_http_api_client (1.6.0)
      effin_utf8 (~> 1.0.0)
      faraday (~> 0.9.0)
      faraday_middleware (~> 0.9.0)
      hashie (~> 3.2)
      multi_json (~> 1.9)
    rack (1.6.4)
    rack-protection (1.5.3)
      rack
    rack-test (0.6.3)
      rack (>= 1.0)
    rainbow (2.1.0)
    rspec (3.4.0)
      rspec-core (~> 3.4.0)
      rspec-expectations (~> 3.4.0)
      rspec-mocks (~> 3.4.0)
    rspec-core (3.4.4)
      rspec-support (~> 3.4.0)
    rspec-expectations (3.4.0)
      diff-lcs (>= 1.2.0, < 2.0)
      rspec-support (~> 3.4.0)
    rspec-mocks (3.4.1)
      diff-lcs (>= 1.2.0, < 2.0)
      rspec-support (~> 3.4.0)
    rspec-support (3.4.1)
    rubocop (0.39.0)
      parser (>= 2.3.0.7, < 3.0)
      powerpack (~> 0.1)
      rainbow (>= 1.99.1, < 3.0)
      ruby-progressbar (~> 1.7)
      unicode-display_width (~> 1.0, >= 1.0.1)
    ruby-progressbar (1.7.5)
    sinatra (1.4.7)
      rack (~> 1.5)
      rack-protection (~> 1.4)
      tilt (>= 1.3, < 3)
    sinatra-contrib (1.4.7)
      backports (>= 2.0)
      multi_json
      rack-protection
      rack-test
      sinatra (~> 1.4.0)
      tilt (>= 1.3, < 3)
    stomp (1.3.5)
    tilt (2.0.2)
    unicode-display_width (1.0.3)

PLATFORMS
  ruby

DEPENDENCIES
  bunny (~> 1.6.3)
  effin_utf8
  erubis
  faraday (~> 0.9.0)
  mqtt (~> 0.1.0)
  multi_json
  puma
  rabbitmq_http_api_client (>= 1.3.0)
  rspec
  rubocop
  sinatra
  sinatra-contrib
  stomp (~> 1.3.1)

BUNDLED WITH
   1.15.3
