GEM
  remote: https://rubygems.org/
  specs:
    amq-protocol (1.9.2)
    backports (3.6.0)
    bunny (1.5.1)
      amq-protocol (>= 1.9.2)
    diff-lcs (1.2.5)
    effin_utf8 (1.0)
    erubis (2.7.0)
    faraday (0.8.9)
      multipart-post (~> 1.2.0)
    faraday_middleware (0.9.1)
      faraday (>= 0.7.4, < 0.10)
    hashie (2.0.5)
    mqtt (0.1.0)
    multi_json (1.8.4)
    multipart-post (1.2.0)
    puma (2.8.2)
      rack (>= 1.1, < 2.0)
    rabbitmq_http_api_client (1.1.0)
      effin_utf8 (~> 1.0.0)
      faraday (~> 0.8.9)
      faraday_middleware (~> 0.9.0)
      hashie (~> 2.0.5)
      multi_json (~> 1.8.4)
    rack (1.5.2)
    rack-protection (1.5.3)
      rack
    rack-test (0.6.2)
      rack (>= 1.0)
    rspec (2.14.1)
      rspec-core (~> 2.14.0)
      rspec-expectations (~> 2.14.0)
      rspec-mocks (~> 2.14.0)
    rspec-core (2.14.8)
    rspec-expectations (2.14.5)
      diff-lcs (>= 1.1.3, < 2.0)
    rspec-mocks (2.14.6)
    sinatra (1.4.5)
      rack (~> 1.4)
      rack-protection (~> 1.4)
      tilt (~> 1.3, >= 1.3.4)
    sinatra-contrib (1.4.2)
      backports (>= 2.0)
      multi_json
      rack-protection
      rack-test
      sinatra (~> 1.4.0)
      tilt (~> 1.3)
    stomp (1.3.2)
    tilt (1.4.1)
    yajl-ruby (1.2.0)

PLATFORMS
  ruby

DEPENDENCIES
  bunny (~> 1.5.1)
  effin_utf8
  erubis
  faraday (~> 0.8.9)
  mqtt (~> 0.1.0)
  multi_json
  puma
  rabbitmq_http_api_client (>= 1.1.0)
  rspec
  sinatra
  sinatra-contrib
  stomp (~> 1.3.1)
  yajl-ruby
